PATH
  remote: .
  specs:
    atomic-sidekiq (0.0.0)
      sidekiq (~> 5.0)

GEM
  remote: https://rubygems.org/
  specs:
    addressable (2.5.2)
      public_suffix (>= 2.0.2, < 4.0)
    ast (2.4.0)
    capybara (2.18.0)
      addressable
      mini_mime (>= 0.1.3)
      nokogiri (>= 1.3.3)
      rack (>= 1.0.0)
      rack-test (>= 0.5.4)
      xpath (>= 2.0, < 4.0)
    codecov (0.1.10)
      json
      simplecov
      url
    concurrent-ruby (1.0.5)
    connection_pool (2.2.1)
    daemons (1.2.6)
    diff-lcs (1.3)
    docile (1.3.0)
    eventmachine (1.2.5)
    json (2.1.0)
    mini_mime (1.0.1)
    mini_portile2 (2.3.0)
    nokogiri (1.8.5)
      mini_portile2 (~> 2.3.0)
    parallel (1.12.1)
    parser (2.5.0.5)
      ast (~> 2.4.0)
    powerpack (0.1.1)
    public_suffix (3.0.2)
    rack (2.0.4)
    rack-protection (2.0.1)
      rack
    rack-test (1.1.0)
      rack (>= 1.0, < 3)
    rainbow (3.0.0)
    rake (11.3.0)
    redis (4.0.1)
    rspec (3.7.0)
      rspec-core (~> 3.7.0)
      rspec-expectations (~> 3.7.0)
      rspec-mocks (~> 3.7.0)
    rspec-core (3.7.1)
      rspec-support (~> 3.7.0)
    rspec-expectations (3.7.0)
      diff-lcs (>= 1.2.0, < 2.0)
      rspec-support (~> 3.7.0)
    rspec-mocks (3.7.0)
      diff-lcs (>= 1.2.0, < 2.0)
      rspec-support (~> 3.7.0)
    rspec-support (3.7.1)
    rubocop (0.54.0)
      parallel (~> 1.10)
      parser (>= 2.5)
      powerpack (~> 0.1)
      rainbow (>= 2.2.2, < 4.0)
      ruby-progressbar (~> 1.7)
      unicode-display_width (~> 1.0, >= 1.0.1)
    ruby-progressbar (1.9.0)
    sidekiq (5.1.2)
      concurrent-ruby (~> 1.0)
      connection_pool (~> 2.2, >= 2.2.0)
      rack-protection (>= 1.5.0)
      redis (>= 3.3.5, < 5)
    simplecov (0.16.1)
      docile (~> 1.1)
      json (>= 1.8, < 3)
      simplecov-html (~> 0.10.0)
    simplecov-html (0.10.2)
    thin (1.7.2)
      daemons (~> 1.0, >= 1.0.9)
      eventmachine (~> 1.0, >= 1.0.4)
      rack (>= 1, < 3)
    timecop (0.9.1)
    unicode-display_width (1.3.0)
    url (0.3.2)
    xpath (3.0.0)
      nokogiri (~> 1.8)

PLATFORMS
  ruby

DEPENDENCIES
  atomic-sidekiq!
  bundler (~> 1.12)
  capybara
  codecov
  rake (~> 11.3)
  rspec
  rubocop
  thin
  timecop

BUNDLED WITH
   1.16.1
